GEM
  remote: https://rubygems.org/
  specs:
    addressable (2.5.2)
      public_suffix (>= 2.0.2, < 4.0)
    commander (4.4.7)
      highline (~> 2.0.0)
    faraday (0.15.3)
      multipart-post (>= 1.2, < 3)
    git (1.5.0)
    highline (2.0.0)
    houston (2.4.0)
      commander (~> 4.4)
      json
    json (2.3.1)
    multipart-post (2.0.0)
    octokit (4.13.0)
      sawyer (~> 0.8.0, >= 0.5.3)
    public_suffix (3.0.3)
    rake (12.3.1)
    restore_bundled_with (1.0.0)
      git
      thor
    safe_yaml (1.0.4)
    sawyer (0.8.1)
      addressable (>= 2.3.5, < 2.6)
      faraday (~> 0.8, < 1.0)
    tachikoma (5.2.0)
      octokit (>= 3.2, < 5.0)
      rake
      restore_bundled_with
      safe_yaml
      thor
    thor (0.20.3)

PLATFORMS
  ruby

DEPENDENCIES
  houston
  tachikoma

BUNDLED WITH
   1.17.1
